PATH
  remote: .
  specs:
    fake_picture (0.1.0)

GEM
  remote: https://rubygems.org/
  specs:
    bundle-audit (0.1.0)
      bundler-audit
    bundler-audit (0.9.0.1)
      bundler (>= 1.2.0, < 3)
      thor (~> 1.0)
    debug (1.4.0)
      irb (>= 1.3.6)
      reline (>= 0.2.7)
    diff-lcs (1.5.0)
    io-console (0.5.11)
    irb (1.4.1)
      reline (>= 0.3.0)
    rake (13.0.6)
    reline (0.3.1)
      io-console (~> 0.5)
    rspec (3.0.0)
      rspec-core (~> 3.0.0)
      rspec-expectations (~> 3.0.0)
      rspec-mocks (~> 3.0.0)
    rspec-core (3.0.4)
      rspec-support (~> 3.0.0)
    rspec-expectations (3.0.4)
      diff-lcs (>= 1.2.0, < 2.0)
      rspec-support (~> 3.0.0)
    rspec-mocks (3.0.4)
      rspec-support (~> 3.0.0)
    rspec-support (3.0.4)
    thor (1.2.1)

PLATFORMS
  arm64-darwin-20

DEPENDENCIES
  bundle-audit (~> 0.1.0)
  debug (= 1.4)
  fake_picture!
  rake (~> 13.0)
  rspec (= 3.0)

BUNDLED WITH
   2.2.3
